GEM
  remote: https://rubygems.org/
  specs:
    betfair (1.0.6)
      savon (<= 0.8.6)
    builder (3.2.2)
    crack (0.1.8)
    gyoku (1.1.0)
      builder (>= 2.1.2)
    httpi (2.1.0)
      rack
      rubyntlm (~> 0.3.2)
    mime-types (1.23)
    rack (1.5.2)
    rest-client (1.6.7)
      mime-types (>= 1.16)
    rubyntlm (0.3.4)
    savon (0.8.6)
      builder (>= 2.1.2)
      crack (~> 0.1.8)
      gyoku (>= 0.3.0)
      httpi (>= 0.7.8)

PLATFORMS
  ruby

DEPENDENCIES
  betfair
  rest-client
