GEM
  remote: https://rubygems.org/
  specs:
    betfair (1.0.6)
      savon (<= 0.8.6)
    builder (3.2.2)
    coderay (1.0.9)
    crack (0.1.8)
    diff-lcs (1.2.4)
    ffi (1.9.0)
    formatador (0.2.4)
    guard (1.8.2)
      formatador (>= 0.2.4)
      listen (>= 1.0.0)
      lumberjack (>= 1.0.2)
      pry (>= 0.9.10)
      thor (>= 0.14.6)
    guard-rspec (3.0.2)
      guard (>= 1.8)
      rspec (~> 2.13)
    gyoku (1.1.0)
      builder (>= 2.1.2)
    httpi (2.1.0)
      rack
      rubyntlm (~> 0.3.2)
    listen (1.2.3)
      rb-fsevent (>= 0.9.3)
      rb-inotify (>= 0.9)
      rb-kqueue (>= 0.2)
    lumberjack (1.0.4)
    method_source (0.8.2)
    mime-types (1.23)
    pry (0.9.12.2)
      coderay (~> 1.0.5)
      method_source (~> 0.8)
      slop (~> 3.4)
    rack (1.5.2)
    rb-fsevent (0.9.3)
    rb-inotify (0.9.1)
      ffi (>= 0.5.0)
    rb-kqueue (0.2.0)
      ffi (>= 0.5.0)
    rest-client (1.6.7)
      mime-types (>= 1.16)
    rspec (2.14.1)
      rspec-core (~> 2.14.0)
      rspec-expectations (~> 2.14.0)
      rspec-mocks (~> 2.14.0)
    rspec-core (2.14.4)
    rspec-expectations (2.14.1)
      diff-lcs (>= 1.1.3, < 2.0)
    rspec-mocks (2.14.3)
    rubyntlm (0.3.4)
    savon (0.8.6)
      builder (>= 2.1.2)
      crack (~> 0.1.8)
      gyoku (>= 0.3.0)
      httpi (>= 0.7.8)
    slop (3.4.6)
    thor (0.18.1)

PLATFORMS
  ruby

DEPENDENCIES
  betfair
  guard-rspec
  rest-client
  rspec
